GIT
  remote: https://github.com/technicalpickles/jeweler.git
  revision: c0e945c2ae7e8a5783ba724d068de1a039119b21
  specs:
    jeweler (1.8.8)
      builder
      bundler (~> 1.0)
      git (>= 1.2.5)
      github_api (= 0.10.1)
      highline (>= 1.6.15)
      nokogiri (= 1.5.10)
      rake
      rdoc

GEM
  remote: http://rubygems.org/
  specs:
    addressable (2.3.5)
    array_enumerator (0.0.3)
    baza (0.0.12)
      array_enumerator
      datet
      knjrbfw
      string-cases
      wref
    builder (3.2.2)
    datet (0.0.25)
    diff-lcs (1.1.3)
    faraday (0.8.8)
      multipart-post (~> 1.2.0)
    git (1.2.6)
    github_api (0.10.1)
      addressable
      faraday (~> 0.8.1)
      hashie (>= 1.2)
      multi_json (~> 1.4)
      nokogiri (~> 1.5.2)
      oauth2
    hashie (2.0.5)
    highline (1.6.20)
    http2 (0.0.23)
    httpauth (0.2.0)
    json (1.8.1)
    jwt (0.1.8)
      multi_json (>= 1.5)
    knjrbfw (0.0.107)
      datet
      http2
      php4r
      ruby_process
      tsafe
      wref
    multi_json (1.8.2)
    multi_xml (0.5.5)
    multipart-post (1.2.0)
    nokogiri (1.5.10)
    oauth2 (0.9.2)
      faraday (~> 0.8)
      httpauth (~> 0.2)
      jwt (~> 0.1.4)
      multi_json (~> 1.0)
      multi_xml (~> 0.5)
      rack (~> 1.2)
    php4r (0.0.4)
      datet
      http2
      string-strtr
    rack (1.5.2)
    rake (10.1.0)
    rdoc (3.12.2)
      json (~> 1.4)
    rspec (2.8.0)
      rspec-core (~> 2.8.0)
      rspec-expectations (~> 2.8.0)
      rspec-mocks (~> 2.8.0)
    rspec-core (2.8.0)
    rspec-expectations (2.8.0)
      diff-lcs (~> 1.1.2)
    rspec-mocks (2.8.0)
    ruby_process (0.0.8)
      tsafe
      wref
    sqlite3 (1.3.8)
    string-cases (0.0.0)
    string-strtr (0.0.3)
    tsafe (0.0.11)
    wref (0.0.6)

PLATFORMS
  ruby

DEPENDENCIES
  baza (= 0.0.12)
  bundler (>= 1.0.0)
  http2
  jeweler!
  json
  rdoc (~> 3.12)
  rspec (~> 2.8.0)
  sqlite3
  string-cases
